GEM
  remote: https://rubygems.org/
  specs:
    rake (12.1.0)
    rouge (2.0.7)
    xcpretty (0.2.8)
      rouge (~> 2.0.7)

PLATFORMS
  ruby

DEPENDENCIES
  rake
  xcpretty

BUNDLED WITH
   1.15.4
